PATH
  remote: .
  specs:
    dummy_rets (0.0.1)

GEM
  remote: https://rubygems.org/
  specs:

PLATFORMS
  ruby

DEPENDENCIES
  dummy_rets!
